PATH
  remote: .
  specs:
    warble (0.1.0)

GEM
  remote: https://rubygems.org/
  specs:
    minitest (5.17.0)
    rake (13.0.6)

PLATFORMS
  arm64-darwin-21

DEPENDENCIES
  minitest (~> 5.0)
  rake (~> 13.0)
  warble!

BUNDLED WITH
   2.4.1
